GEM
  remote: https://rubygems.org/
  specs:
    gull (0.4.0)
      httpclient
      nokogiri (>= 1.6.8)
    httpclient (2.8.3)
    mini_portile2 (2.4.0)
    nokogiri (1.10.8)
      mini_portile2 (~> 2.4.0)
    pg (1.2.2)
    rgeo (2.1.1)
    rgeo-geojson (2.1.1)
      rgeo (>= 1.0.0)

PLATFORMS
  ruby

DEPENDENCIES
  gull
  pg
  rgeo
  rgeo-geojson

BUNDLED WITH
   2.1.2
