GEM
  remote: https://rubygems.org/
  specs:
    aws-eventstream (1.0.3)
    aws-sigv4 (1.1.1)
      aws-eventstream (~> 1.0, >= 1.0.2)
    gull (0.4.0)
      httpclient
      nokogiri (>= 1.6.8)
    httpclient (2.8.3)
    mini_portile2 (2.4.0)
    nokogiri (1.10.8)
      mini_portile2 (~> 2.4.0)
    pg (1.2.2)
    rgeo (2.1.1)
    rgeo-geojson (2.1.1)
      rgeo (>= 1.0.0)
    vault (0.13.0)
      aws-sigv4

PLATFORMS
  ruby

DEPENDENCIES
  gull
  pg
  rgeo
  rgeo-geojson
  vault

BUNDLED WITH
   2.1.2
